GEM
  remote: https://rubygems.org/
  specs:
    activesupport (5.2.0)
      concurrent-ruby (~> 1.0, >= 1.0.2)
      i18n (>= 0.7, < 2)
      minitest (~> 5.1)
      tzinfo (~> 1.1)
    addressable (2.3.6)
    backports (3.11.3)
    coffee-script (2.2.0)
      coffee-script-source
      execjs
    coffee-script-source (1.4.0)
    concurrent-ruby (1.0.5)
    crack (0.4.2)
      safe_yaml (~> 1.0.0)
    excon (0.71.0)
    execjs (1.4.0)
      multi_json (~> 1.0)
    flickraw (0.9.8)
    i18n (1.0.1)
      concurrent-ruby (~> 1.0)
    libxml-ruby (2.7.0)
    minitest (5.11.3)
    multi_json (1.13.1)
    mustermann (1.0.2)
    pg (1.2.3)
    puma (3.2.0)
    rack (2.0.5)
    rack-instruments (0.2.2)
      slides (~> 0.2.0)
    rack-protection (2.0.3)
      rack
    rack-ssl (1.3.3)
      rack
    rack-test (0.6.2)
      rack (>= 1.0)
    rr (1.0.4)
    safe_yaml (1.0.4)
    sass (3.2.6)
    sequel (5.30.0)
    sinatra (2.0.3)
      mustermann (~> 1.0)
      rack (~> 2.0)
      rack-protection (= 2.0.3)
      tilt (~> 2.0)
    sinatra-contrib (2.0.3)
      activesupport (>= 4.0.0)
      backports (>= 2.8.2)
      multi_json
      mustermann (~> 1.0)
      rack-protection (= 2.0.3)
      sinatra (= 2.0.3)
      tilt (>= 1.3, < 3)
    sinatra-router (0.2.4)
      sinatra (>= 1.4, < 3.0)
    slides (0.2.0)
    slim (3.0.1)
      temple (~> 0.7.3)
      tilt (>= 1.3.3, < 2.1)
    sprockets (3.7.2)
      concurrent-ruby (~> 1.0)
      rack (> 1, < 3)
    temple (0.7.4)
    thread_safe (0.3.6)
    tilt (2.0.8)
    tzinfo (1.2.5)
      thread_safe (~> 0.1)
    webmock (1.20.4)
      addressable (>= 2.3.6)
      crack (>= 0.3.2)
    yui-compressor (0.12.0)

PLATFORMS
  ruby

DEPENDENCIES
  coffee-script
  excon
  flickraw
  libxml-ruby
  multi_json
  pg
  puma
  rack
  rack-instruments
  rack-ssl
  rack-test
  rr
  sass
  sequel
  sinatra (= 2.0.3)
  sinatra-contrib (= 2.0.3)
  sinatra-router (= 0.2.4)
  slides
  slim
  sprockets
  webmock
  yui-compressor

RUBY VERSION
   ruby 2.7.0p0

BUNDLED WITH
   2.1.4
