GEM
  remote: https://rubygems.org/
  specs:
    addressable (2.3.6)
    backports (3.6.4)
    coffee-script (2.2.0)
      coffee-script-source
      execjs
    coffee-script-source (1.4.0)
    crack (0.4.2)
      safe_yaml (~> 1.0.0)
    eventmachine (1.0.4)
    excon (0.45.4)
    execjs (1.4.0)
      multi_json (~> 1.0)
    flickraw (0.9.8)
    hike (1.2.3)
    libxml-ruby (2.7.0)
    multi_json (1.10.1)
    pg (0.17.1)
    puma (2.10.2)
      rack (>= 1.1, < 2.0)
    rack (1.6.0)
    rack-instruments (0.2.2)
      slides (~> 0.2.0)
    rack-protection (1.5.3)
      rack
    rack-ssl (1.3.3)
      rack
    rack-test (0.6.2)
      rack (>= 1.0)
    rr (1.0.4)
    safe_yaml (1.0.4)
    sass (3.2.6)
    sequel (4.17.0)
    sinatra (1.3.6)
      rack (~> 1.4)
      rack-protection (~> 1.3)
      tilt (~> 1.3, >= 1.3.3)
    sinatra-contrib (1.3.2)
      backports (>= 2.0)
      eventmachine
      rack-protection
      rack-test
      sinatra (~> 1.3.0)
      tilt (~> 1.3)
    sinatra-router (0.2.0)
      sinatra (~> 1.3.3)
    slides (0.2.0)
    slim (3.0.1)
      temple (~> 0.7.3)
      tilt (>= 1.3.3, < 2.1)
    sprockets (2.12.3)
      hike (~> 1.2)
      multi_json (~> 1.0)
      rack (~> 1.0)
      tilt (~> 1.1, != 1.3.0)
    temple (0.7.4)
    tilt (1.4.1)
    webmock (1.20.4)
      addressable (>= 2.3.6)
      crack (>= 0.3.2)
    yui-compressor (0.12.0)

PLATFORMS
  ruby

DEPENDENCIES
  coffee-script
  excon
  flickraw
  libxml-ruby
  multi_json
  pg
  puma
  rack
  rack-instruments
  rack-ssl
  rack-test
  rr
  sass
  sequel
  sinatra
  sinatra-contrib
  sinatra-router
  slides
  slim
  sprockets
  webmock
  yui-compressor
