GEM
  remote: https://rubygems.org/
  specs:
    addressable (2.3.6)
    backports (3.17.0)
    coffee-script (2.2.0)
      coffee-script-source
      execjs
    coffee-script-source (1.4.0)
    concurrent-ruby (1.1.6)
    crack (0.4.2)
      safe_yaml (~> 1.0.0)
    excon (0.45.4)
    execjs (1.4.0)
      multi_json (~> 1.0)
    flickraw (0.9.8)
    libxml-ruby (2.7.0)
    multi_json (1.14.1)
    mustermann (1.1.1)
      ruby2_keywords (~> 0.0.1)
    pg (1.2.3)
    puma (3.2.0)
    rack (2.2.2)
    rack-instruments (0.2.2)
      slides (~> 0.2.0)
    rack-protection (2.0.8.1)
      rack
    rack-ssl (1.3.3)
      rack
    rack-test (0.6.2)
      rack (>= 1.0)
    rr (1.0.4)
    ruby2_keywords (0.0.2)
    safe_yaml (1.0.4)
    sass (3.2.6)
    sequel (5.30.0)
    sinatra (2.0.8.1)
      mustermann (~> 1.0)
      rack (~> 2.0)
      rack-protection (= 2.0.8.1)
      tilt (~> 2.0)
    sinatra-contrib (2.0.8.1)
      backports (>= 2.8.2)
      multi_json
      mustermann (~> 1.0)
      rack-protection (= 2.0.8.1)
      sinatra (= 2.0.8.1)
      tilt (~> 2.0)
    sinatra-router (0.2.4)
      sinatra (>= 1.4, < 3.0)
    slides (0.2.0)
    slim (3.0.1)
      temple (~> 0.7.3)
      tilt (>= 1.3.3, < 2.1)
    sprockets (3.7.2)
      concurrent-ruby (~> 1.0)
      rack (> 1, < 3)
    temple (0.7.4)
    tilt (2.0.10)
    webmock (1.20.4)
      addressable (>= 2.3.6)
      crack (>= 0.3.2)
    yui-compressor (0.12.0)

PLATFORMS
  ruby

DEPENDENCIES
  coffee-script
  excon
  flickraw
  libxml-ruby
  multi_json
  pg
  puma
  rack
  rack-instruments
  rack-ssl
  rack-test
  rr
  sass
  sequel
  sinatra
  sinatra-contrib
  sinatra-router
  slides
  slim
  sprockets
  webmock
  yui-compressor

RUBY VERSION
   ruby 2.7.0p0

BUNDLED WITH
   2.1.4
